GEM
  remote: https://rubygems.org/
  specs:
    RubyInline (3.11.3)
      ZenTest (~> 4.3)
    ZenTest (4.8.2)
    activemodel (3.2.8)
      activesupport (= 3.2.8)
      builder (~> 3.0.0)
    activerecord (3.2.8)
      activemodel (= 3.2.8)
      activesupport (= 3.2.8)
      arel (~> 3.0.2)
      tzinfo (~> 0.3.29)
    activesupport (3.2.8)
      i18n (~> 0.6)
      multi_json (~> 1.0)
    arel (3.0.2)
    builder (3.0.3)
    carrierwave (0.6.2)
      activemodel (>= 3.2.0)
      activesupport (>= 3.2.0)
    carrierwave-vips (1.0.3)
      carrierwave
      rmagick
      ruby-vips (>= 0.2.0)
    i18n (0.6.1)
    image_science (1.2.3)
      RubyInline (~> 3.9)
    mini_magick (3.4)
      subexec (~> 0.2.1)
    multi_json (1.3.6)
    rmagick (2.13.1)
    ruby-vips (0.3.4)
    sqlite3 (1.3.6)
    subexec (0.2.2)
    tzinfo (0.3.33)

PLATFORMS
  ruby

DEPENDENCIES
  activerecord (>= 3.1.0)
  carrierwave
  carrierwave-vips
  image_science
  mini_magick
  rmagick
  ruby-vips
  sqlite3
