GEM
  remote: https://rubygems.org/
  specs:
    activemodel (3.2.11)
      activesupport (= 3.2.11)
      builder (~> 3.0.0)
    activerecord (3.2.11)
      activemodel (= 3.2.11)
      activesupport (= 3.2.11)
      arel (~> 3.0.2)
      tzinfo (~> 0.3.29)
    activesupport (3.2.11)
      i18n (~> 0.6)
      multi_json (~> 1.0)
    arel (3.0.2)
    builder (3.0.4)
    carrierwave (0.8.0)
      activemodel (>= 3.2.0)
      activesupport (>= 3.2.0)
    carrierwave-vips (1.0.3)
      carrierwave
      rmagick
      ruby-vips (>= 0.2.0)
    i18n (0.6.1)
    mini_magick (3.4)
      subexec (~> 0.2.1)
    multi_json (1.5.0)
    rmagick (2.13.1)
    ruby-vips (0.3.5)
    sqlite3 (1.3.6)
    subexec (0.2.2)
    tzinfo (0.3.35)

PLATFORMS
  ruby

DEPENDENCIES
  activerecord (>= 3.1.0)
  carrierwave
  carrierwave-vips
  mini_magick
  rmagick
  ruby-vips
  sqlite3
