GIT
  remote: https://github.com/jcupitt/carrierwave-vips
  revision: cdf6935d19f2ad1e1940f885a8a5314d248b17de
  specs:
    carrierwave-vips (0.9.1)

GEM
  remote: https://rubygems.org/
  specs:
    RubyInline (3.11.3)
      ZenTest (~> 4.3)
    ZenTest (4.8.1)
    activemodel (3.2.6)
      activesupport (= 3.2.6)
      builder (~> 3.0.0)
    activerecord (3.2.6)
      activemodel (= 3.2.6)
      activesupport (= 3.2.6)
      arel (~> 3.0.2)
      tzinfo (~> 0.3.29)
    activesupport (3.2.6)
      i18n (~> 0.6)
      multi_json (~> 1.0)
    arel (3.0.2)
    builder (3.0.0)
    carrierwave (0.6.2)
      activemodel (>= 3.2.0)
      activesupport (>= 3.2.0)
    i18n (0.6.0)
    image_science (1.2.3)
      RubyInline (~> 3.9)
    mini_magick (3.4)
      subexec (~> 0.2.1)
    multi_json (1.3.6)
    rmagick (2.13.1)
    ruby-vips (0.3.0)
    sqlite3 (1.3.6)
    subexec (0.2.2)
    tzinfo (0.3.33)

PLATFORMS
  ruby

DEPENDENCIES
  activerecord (>= 3.1.0)
  carrierwave
  carrierwave-vips!
  image_science
  mini_magick
  rmagick
  ruby-vips
  sqlite3
