GEM
  remote: https://rubygems.org/
  specs:
    activemodel (5.2.8.1)
      activesupport (= 5.2.8.1)
    activerecord (5.2.8.1)
      activemodel (= 5.2.8.1)
      activesupport (= 5.2.8.1)
      arel (>= 9.0)
    activesupport (5.2.8.1)
      concurrent-ruby (~> 1.0, >= 1.0.2)
      i18n (>= 0.7, < 2)
      minitest (~> 5.1)
      tzinfo (~> 1.1)
    arel (9.0.0)
    carrierwave (0.8.0)
      activemodel (>= 3.2.0)
      activesupport (>= 3.2.0)
    carrierwave-vips (1.0.4)
      carrierwave
      rmagick
      ruby-vips (>= 0.2.0)
    concurrent-ruby (1.1.10)
    i18n (1.11.0)
      concurrent-ruby (~> 1.0)
    mini_magick (3.6.0)
      subexec (~> 0.2.1)
    minitest (5.16.2)
    rmagick (2.13.2)
    ruby-vips (0.3.5)
    sqlite3 (1.3.7)
    subexec (0.2.3)
    thread_safe (0.3.6)
    tzinfo (1.2.9)
      thread_safe (~> 0.1)

PLATFORMS
  ruby

DEPENDENCIES
  activerecord (>= 3.1.0)
  carrierwave
  carrierwave-vips
  mini_magick
  rmagick
  ruby-vips
  sqlite3
