GEM
  remote: https://rubygems.org/
  specs:
    activemodel (6.1.7.1)
      activesupport (= 6.1.7.1)
    activerecord (6.1.7.1)
      activemodel (= 6.1.7.1)
      activesupport (= 6.1.7.1)
    activesupport (6.1.7.1)
      concurrent-ruby (~> 1.0, >= 1.0.2)
      i18n (>= 1.6, < 2)
      minitest (>= 5.1)
      tzinfo (~> 2.0)
      zeitwerk (~> 2.3)
    carrierwave (0.8.0)
      activemodel (>= 3.2.0)
      activesupport (>= 3.2.0)
    carrierwave-vips (1.0.4)
      carrierwave
      rmagick
      ruby-vips (>= 0.2.0)
    concurrent-ruby (1.1.10)
    i18n (1.12.0)
      concurrent-ruby (~> 1.0)
    mini_magick (3.6.0)
      subexec (~> 0.2.1)
    minitest (5.17.0)
    rmagick (2.13.2)
    ruby-vips (0.3.5)
    sqlite3 (1.3.7)
    subexec (0.2.3)
    tzinfo (2.0.5)
      concurrent-ruby (~> 1.0)
    zeitwerk (2.6.6)

PLATFORMS
  ruby

DEPENDENCIES
  activerecord (>= 3.1.0)
  carrierwave
  carrierwave-vips
  mini_magick
  rmagick
  ruby-vips
  sqlite3
